NUGET
  remote: https://www.nuget.org/api/v2
    NUnit (3.5)
    Unquote (3.1.2)
